PATH
  remote: ../bundler
  specs:
    dependabot-bundler (0.156.3)
      dependabot-common (= 0.156.3)

PATH
  remote: ../cargo
  specs:
    dependabot-cargo (0.156.3)
      dependabot-common (= 0.156.3)

PATH
  remote: ../common
  specs:
    dependabot-common (0.156.3)
      activesupport (>= 6.0.0)
      aws-sdk-codecommit (~> 1.28)
      aws-sdk-ecr (~> 1.5)
      bundler (>= 1.16, < 3.0.0)
      commonmarker (>= 0.20.1, < 0.23.0)
      docker_registry2 (~> 1.7, >= 1.7.1)
      excon (~> 0.75)
      gitlab (= 4.17.0)
      nokogiri (~> 1.8)
      octokit (~> 4.6)
      pandoc-ruby (~> 2.0)
      parser (>= 2.5, < 4.0)
      toml-rb (>= 1.1.2, < 3.0)

PATH
  remote: ../composer
  specs:
    dependabot-composer (0.156.3)
      dependabot-common (= 0.156.3)

PATH
  remote: ../dep
  specs:
    dependabot-dep (0.156.3)
      dependabot-common (= 0.156.3)

PATH
  remote: ../docker
  specs:
    dependabot-docker (0.156.3)
      dependabot-common (= 0.156.3)

PATH
  remote: ../elm
  specs:
    dependabot-elm (0.156.3)
      dependabot-common (= 0.156.3)

PATH
  remote: ../git_submodules
  specs:
    dependabot-git_submodules (0.156.3)
      dependabot-common (= 0.156.3)
      parseconfig (~> 1.0, < 1.1.0)

PATH
  remote: ../github_actions
  specs:
    dependabot-github_actions (0.156.3)
      dependabot-common (= 0.156.3)

PATH
  remote: ../go_modules
  specs:
    dependabot-go_modules (0.156.3)
      dependabot-common (= 0.156.3)

PATH
  remote: ../gradle
  specs:
    dependabot-gradle (0.156.3)
      dependabot-common (= 0.156.3)
      dependabot-maven (= 0.156.3)

PATH
  remote: ../hex
  specs:
    dependabot-hex (0.156.3)
      dependabot-common (= 0.156.3)

PATH
  remote: ../maven
  specs:
    dependabot-maven (0.156.3)
      dependabot-common (= 0.156.3)

PATH
  remote: ../npm_and_yarn
  specs:
    dependabot-npm_and_yarn (0.156.3)
      dependabot-common (= 0.156.3)

PATH
  remote: ../nuget
  specs:
    dependabot-nuget (0.156.3)
      dependabot-common (= 0.156.3)

PATH
  remote: ../python
  specs:
    dependabot-python (0.156.3)
      dependabot-common (= 0.156.3)

PATH
  remote: ../terraform
  specs:
    dependabot-terraform (0.156.3)
      dependabot-common (= 0.156.3)

PATH
  remote: .
  specs:
    dependabot-omnibus (0.156.3)
      dependabot-bundler (= 0.156.3)
      dependabot-cargo (= 0.156.3)
      dependabot-common (= 0.156.3)
      dependabot-composer (= 0.156.3)
      dependabot-dep (= 0.156.3)
      dependabot-docker (= 0.156.3)
      dependabot-elm (= 0.156.3)
      dependabot-git_submodules (= 0.156.3)
      dependabot-github_actions (= 0.156.3)
      dependabot-go_modules (= 0.156.3)
      dependabot-gradle (= 0.156.3)
      dependabot-hex (= 0.156.3)
      dependabot-maven (= 0.156.3)
      dependabot-npm_and_yarn (= 0.156.3)
      dependabot-nuget (= 0.156.3)
      dependabot-python (= 0.156.3)
      dependabot-terraform (= 0.156.3)

GEM
  remote: https://rubygems.org/
  specs:
    activesupport (6.1.3.2)
      concurrent-ruby (~> 1.0, >= 1.0.2)
      i18n (>= 1.6, < 2)
      minitest (>= 5.1)
      tzinfo (~> 2.0)
      zeitwerk (~> 2.3)
    addressable (2.7.0)
      public_suffix (>= 2.0.2, < 5.0)
    ansi (1.5.0)
    ast (2.4.1)
    aws-eventstream (1.1.1)
    aws-partitions (1.455.0)
    aws-sdk-codecommit (1.42.0)
      aws-sdk-core (~> 3, >= 3.112.0)
      aws-sigv4 (~> 1.1)
    aws-sdk-core (3.114.0)
      aws-eventstream (~> 1, >= 1.0.2)
      aws-partitions (~> 1, >= 1.239.0)
      aws-sigv4 (~> 1.1)
      jmespath (~> 1.0)
    aws-sdk-ecr (1.42.0)
      aws-sdk-core (~> 3, >= 3.112.0)
      aws-sigv4 (~> 1.1)
    aws-sigv4 (1.2.3)
      aws-eventstream (~> 1, >= 1.0.2)
    backport (1.1.2)
    benchmark (0.1.1)
    byebug (11.1.3)
    citrus (3.0.2)
    commonmarker (0.21.2)
      ruby-enum (~> 0.5)
    concurrent-ruby (1.1.8)
    crack (0.4.5)
      rexml
    debase (0.2.4.1)
      debase-ruby_core_source (>= 0.10.2)
    debase-ruby_core_source (0.10.12)
    diff-lcs (1.4.4)
    docile (1.3.5)
    docker_registry2 (1.10.0)
      rest-client (>= 1.8.0)
    domain_name (0.5.20190701)
      unf (>= 0.0.5, < 1.0.0)
    e2mmap (0.1.0)
    excon (0.81.0)
    faraday (1.4.1)
      faraday-excon (~> 1.1)
      faraday-net_http (~> 1.0)
      faraday-net_http_persistent (~> 1.1)
      multipart-post (>= 1.2, < 3)
      ruby2_keywords (>= 0.0.4)
    faraday-excon (1.1.0)
    faraday-net_http (1.0.1)
    faraday-net_http_persistent (1.1.0)
    gitlab (4.17.0)
      httparty (~> 0.18)
      terminal-table (~> 1.5, >= 1.5.1)
    gpgme (2.0.20)
      mini_portile2 (~> 2.3)
    hashdiff (1.0.1)
    http-accept (1.7.0)
    http-cookie (1.0.3)
      domain_name (~> 0.5)
    httparty (0.18.1)
      mime-types (~> 3.0)
      multi_xml (>= 0.5.2)
    i18n (1.8.10)
      concurrent-ruby (~> 1.0)
    jaro_winkler (1.5.4)
    jmespath (1.4.0)
    kramdown (2.3.0)
      rexml
    kramdown-parser-gfm (1.1.0)
      kramdown (~> 2.0)
    kwalify (0.7.2)
    mime-types (3.3.1)
      mime-types-data (~> 3.2015)
    mime-types-data (3.2021.0225)
    mini_portile2 (2.5.0)
    minitest (5.14.4)
    multi_xml (0.6.0)
    multipart-post (2.1.1)
    netrc (0.11.0)
    nokogiri (1.11.1)
      mini_portile2 (~> 2.5.0)
      racc (~> 1.4)
    octokit (4.21.0)
      faraday (>= 0.9)
      sawyer (~> 0.8.0, >= 0.5.3)
    pandoc-ruby (2.1.4)
    parallel (1.20.1)
    parseconfig (1.0.8)
    parser (2.7.2.0)
      ast (~> 2.4.1)
    psych (3.3.0)
    public_suffix (4.0.6)
    racc (1.5.2)
    rainbow (3.0.0)
    rake (13.0.3)
    reek (6.0.2)
      kwalify (~> 0.7.0)
      parser (>= 2.5.0.0, < 2.8, != 2.5.1.1)
      psych (~> 3.1)
      rainbow (>= 2.0, < 4.0)
    regexp_parser (2.0.3)
    rest-client (2.1.0)
      http-accept (>= 1.7.0, < 2.0)
      http-cookie (>= 1.0.2, < 2.0)
      mime-types (>= 1.16, < 4.0)
      netrc (~> 0.8)
    reverse_markdown (2.0.0)
      nokogiri
    rexml (3.2.4)
    rspec (3.10.0)
      rspec-core (~> 3.10.0)
      rspec-expectations (~> 3.10.0)
      rspec-mocks (~> 3.10.0)
    rspec-core (3.10.1)
      rspec-support (~> 3.10.0)
    rspec-expectations (3.10.1)
      diff-lcs (>= 1.2.0, < 2.0)
      rspec-support (~> 3.10.0)
    rspec-its (1.3.0)
      rspec-core (>= 3.0.0)
      rspec-expectations (>= 3.0.0)
    rspec-mocks (3.10.1)
      diff-lcs (>= 1.2.0, < 2.0)
      rspec-support (~> 3.10.0)
    rspec-support (3.10.1)
    rubocop (1.7.0)
      parallel (~> 1.10)
      parser (>= 2.7.1.5)
      rainbow (>= 2.2.2, < 4.0)
      regexp_parser (>= 1.8, < 3.0)
      rexml
      rubocop-ast (>= 1.2.0, < 2.0)
      ruby-progressbar (~> 1.7)
      unicode-display_width (>= 1.4.0, < 2.0)
    rubocop-ast (1.4.0)
      parser (>= 2.7.1.5)
    ruby-debug-ide (0.7.2)
      rake (>= 0.8.1)
    ruby-enum (0.9.0)
      i18n
    ruby-progressbar (1.11.0)
    ruby2_keywords (0.0.4)
    sawyer (0.8.2)
      addressable (>= 2.3.5)
      faraday (> 0.8, < 2.0)
    simplecov (0.21.2)
      docile (~> 1.1)
      simplecov-html (~> 0.11)
      simplecov_json_formatter (~> 0.1)
    simplecov-console (0.9.1)
      ansi
      simplecov
      terminal-table
    simplecov-html (0.12.3)
    simplecov_json_formatter (0.1.2)
    solargraph (0.40.1)
      backport (~> 1.1)
      benchmark
      bundler (>= 1.17.2)
      e2mmap
      jaro_winkler (~> 1.5)
      kramdown (~> 2.3)
      kramdown-parser-gfm (~> 1.1)
      parser (~> 2.3)
      reverse_markdown (>= 1.0.5, < 3)
      rubocop (>= 0.52)
      thor (~> 1.0)
      tilt (~> 2.0)
      yard (~> 0.9, >= 0.9.24)
    stackprof (0.2.17)
    terminal-table (1.8.0)
      unicode-display_width (~> 1.1, >= 1.1.1)
    thor (1.0.1)
    tilt (2.0.10)
    toml-rb (2.0.1)
      citrus (~> 3.0, > 3.0)
    tzinfo (2.0.4)
      concurrent-ruby (~> 1.0)
    unf (0.1.4)
      unf_ext
    unf_ext (0.0.7.7)
    unicode-display_width (1.7.0)
    vcr (6.0.0)
    webmock (3.11.1)
      addressable (>= 2.3.6)
      crack (>= 0.3.2)
      hashdiff (>= 0.4.0, < 2.0.0)
    yard (0.9.26)
    zeitwerk (2.4.2)

PLATFORMS
  ruby

DEPENDENCIES
  byebug (~> 11.0)
  debase
  dependabot-bundler!
  dependabot-cargo!
  dependabot-common!
  dependabot-composer!
  dependabot-dep!
  dependabot-docker!
  dependabot-elm!
  dependabot-git_submodules!
  dependabot-github_actions!
  dependabot-go_modules!
  dependabot-gradle!
  dependabot-hex!
  dependabot-maven!
  dependabot-npm_and_yarn!
  dependabot-nuget!
  dependabot-omnibus!
  dependabot-python!
  dependabot-terraform!
  gpgme (~> 2.0)
  rake (~> 13)
  reek
  rspec (~> 3.8)
  rspec-its (~> 1.2)
  rubocop
  ruby-debug-ide
  simplecov (~> 0.21.0)
  simplecov-console (~> 0.9.1)
  solargraph
  stackprof (~> 0.2.16)
  vcr (= 6.0.0)
  webmock (~> 3.4)

BUNDLED WITH
   2.2.15
